PATH
  remote: .
  specs:
    pacman-reloaded (0.0.1)

GEM
  remote: https://rubygems.org/
  specs:
    activesupport (4.1.1)
      i18n (~> 0.6, >= 0.6.9)
      json (~> 1.7, >= 1.7.7)
      minitest (~> 5.1)
      thread_safe (~> 0.1)
      tzinfo (~> 1.1)
    axiom-types (0.1.1)
      descendants_tracker (~> 0.0.4)
      ice_nine (~> 0.11.0)
      thread_safe (~> 0.3, >= 0.3.1)
    coercible (1.0.0)
      descendants_tracker (~> 0.0.1)
    descendants_tracker (0.0.4)
      thread_safe (~> 0.3, >= 0.3.1)
    equalizer (0.0.9)
    i18n (0.6.9)
    ice_nine (0.11.0)
    jbundler (0.5.5)
      bundler (~> 1.5)
      ruby-maven (>= 3.1.1.0.1, < 3.1.2)
    json (1.8.1-java)
    maven-tools (1.0.0.rc5)
      virtus (~> 1.0)
    minitest (5.3.4)
    rake (10.1.0)
    ruby-maven (3.1.1.0.5)
      maven-tools (~> 1.0.0.rc4)
      ruby-maven-libs (= 3.1.1)
    ruby-maven-libs (3.1.1)
    thread_safe (0.3.4-java)
    tzinfo (1.2.1)
      thread_safe (~> 0.1)
    virtus (1.0.2)
      axiom-types (~> 0.1)
      coercible (~> 1.0)
      descendants_tracker (~> 0.0.3)
      equalizer (~> 0.0.9)

PLATFORMS
  java

DEPENDENCIES
  activesupport
  bundler (~> 1.6)
  jbundler
  pacman-reloaded!
  rake
